GEM
  remote: https://rubygems.org/
  specs:
    actionmailer (2.3.8)
      actionpack (= 2.3.8)
    actionpack (2.3.8)
      activesupport (= 2.3.8)
      rack (~> 1.1.0)
    activerecord (2.3.8)
      activesupport (= 2.3.8)
    activeresource (2.3.8)
      activesupport (= 2.3.8)
    activesupport (2.3.8)
    authlogic (2.1.7)
      activesupport
    declarative_authorization (0.4.1)
      rails (>= 2.1.0)
    json (1.8.6)
    pg (0.9.0)
    rack (1.1.6)
    rails (2.3.8)
      actionmailer (= 2.3.8)
      actionpack (= 2.3.8)
      activerecord (= 2.3.8)
      activeresource (= 2.3.8)
      activesupport (= 2.3.8)
      rake (>= 0.8.3)
    rake (10.5.0)
    rdoc (4.2.2)
      json (~> 1.4)

PLATFORMS
  ruby

DEPENDENCIES
  authlogic (= 2.1.7)
  declarative_authorization (= 0.4.1)
  pg (= 0.9.0)
  rails (= 2.3.8)
  rake (= 10.5.0)
  rdoc

BUNDLED WITH
   1.16.5
